GEM
  remote: https://rubygems.org/
  specs:
    concourse (0.33.0)
      term-ansicolor
    minitest (5.14.1)
    rake (13.0.1)
    sync (0.5.0)
    term-ansicolor (1.7.1)
      tins (~> 1.0)
    tins (1.25.0)
      sync

PLATFORMS
  ruby

DEPENDENCIES
  concourse
  minitest
  rake

BUNDLED WITH
   2.1.4
