GEM
  remote: https://rubygems.org/
  specs:
    concourse (0.41.0)
      term-ansicolor
    minitest (5.14.3)
    rake (13.0.3)
    sync (0.5.0)
    term-ansicolor (1.7.1)
      tins (~> 1.0)
    tins (1.28.0)
      sync
    webrick (1.7.0)

PLATFORMS
  ruby
  x86_64-linux

DEPENDENCIES
  concourse
  minitest
  rake
  webrick

BUNDLED WITH
   2.2.3
